PATH
  remote: .
  specs:
    what_should_i_eat (0.0.1)

GEM
  remote: https://rubygems.org/
  specs:

PLATFORMS
  ruby

DEPENDENCIES
  what_should_i_eat!

BUNDLED WITH
   2.0.2
